PATH
  remote: .
  specs:
    faraday_simulation (0.0.1)
      faraday
      rake

GEM
  remote: https://rubygems.org/
  specs:
    faraday (0.8.1)
      multipart-post (~> 1.1)
    multipart-post (1.1.5)
    rake (0.9.2.2)

PLATFORMS
  ruby

DEPENDENCIES
  faraday_simulation!
